GEM
  remote: https://gems.ruby-china.org/
  specs:
    actioncable (5.0.2)
      actionpack (= 5.0.2)
      nio4r (>= 1.2, < 3.0)
      websocket-driver (~> 0.6.1)
    actionmailer (5.0.2)
      actionpack (= 5.0.2)
      actionview (= 5.0.2)
      activejob (= 5.0.2)
      mail (~> 2.5, >= 2.5.4)
      rails-dom-testing (~> 2.0)
    actionpack (5.0.2)
      actionview (= 5.0.2)
      activesupport (= 5.0.2)
      rack (~> 2.0)
      rack-test (~> 0.6.3)
      rails-dom-testing (~> 2.0)
      rails-html-sanitizer (~> 1.0, >= 1.0.2)
    actionview (5.0.2)
      activesupport (= 5.0.2)
      builder (~> 3.1)
      erubis (~> 2.7.0)
      rails-dom-testing (~> 2.0)
      rails-html-sanitizer (~> 1.0, >= 1.0.3)
    activejob (5.0.2)
      activesupport (= 5.0.2)
      globalid (>= 0.3.6)
    activemodel (5.0.2)
      activesupport (= 5.0.2)
    activerecord (5.0.2)
      activemodel (= 5.0.2)
      activesupport (= 5.0.2)
      arel (~> 7.0)
    activesupport (5.0.2)
      concurrent-ruby (~> 1.0, >= 1.0.2)
      i18n (~> 0.7)
      minitest (~> 5.1)
      tzinfo (~> 1.1)
    airbrussh (1.2.0)
      sshkit (>= 1.6.1, != 1.7.0)
    annotate (2.7.1)
      activerecord (>= 3.2, < 6.0)
      rake (>= 10.4, < 12.0)
    arel (7.1.4)
    autoprefixer-rails (7.1.1)
      execjs
    babel-source (5.8.35)
    babel-transpiler (0.7.0)
      babel-source (>= 4.0, < 6)
      execjs (~> 2.0)
    barby (0.6.5)
    bcrypt (3.1.11)
    bootstrap-sass (3.3.7)
      autoprefixer-rails (>= 5.2.1)
      sass (>= 3.3.4)
    bootstrap-will_paginate (0.0.10)
      will_paginate
    builder (3.2.3)
    capistrano (3.8.1)
      airbrussh (>= 1.0.0)
      i18n
      rake (>= 10.0.0)
      sshkit (>= 1.9.0)
    capistrano-bundler (1.2.0)
      capistrano (~> 3.1)
      sshkit (~> 1.2)
    capistrano-puma (0.2.3)
      capistrano (>= 3.0)
    capistrano-rails (1.2.3)
      capistrano (~> 3.1)
      capistrano-bundler (~> 1.1)
    capistrano-rvm (0.1.2)
      capistrano (~> 3.0)
      sshkit (~> 1.2)
    capistrano-sidekiq (0.10.0)
      capistrano
      sidekiq (>= 3.4)
    chinese_pinyin (1.0.1)
    chunky_png (1.3.8)
    climate_control (0.2.0)
    cocaine (0.5.8)
      climate_control (>= 0.0.3, < 1.0)
    coffee-rails (4.2.1)
      coffee-script (>= 2.2.0)
      railties (>= 4.0.0, < 5.2.x)
    coffee-script (2.4.1)
      coffee-script-source
      execjs
    coffee-script-source (1.12.2)
    concurrent-ruby (1.0.5)
    connection_pool (2.2.1)
    daemons (1.2.4)
    database_cleaner (1.6.1)
    delayed_job (4.1.2)
      activesupport (>= 3.0, < 5.1)
    delayed_job_active_record (4.1.1)
      activerecord (>= 3.0, < 5.1)
      delayed_job (>= 3.0, < 5)
    devise (4.3.0)
      bcrypt (~> 3.0)
      orm_adapter (~> 0.1)
      railties (>= 4.1.0, < 5.2)
      responders
      warden (~> 1.2.3)
    diff-lcs (1.3)
    erubis (2.7.0)
    exception_notification (4.2.1)
      actionmailer (>= 4.0, < 6)
      activesupport (>= 4.0, < 6)
    execjs (2.7.0)
    factory_girl (4.8.0)
      activesupport (>= 3.0.0)
    factory_girl_rails (4.8.0)
      factory_girl (~> 4.8.0)
      railties (>= 3.0.0)
    fastercsv (1.5.5)
    font-awesome-rails (4.7.0.2)
      railties (>= 3.2, < 5.2)
    foundation-rails (6.3.1.0)
      railties (>= 3.1.0)
      sass (>= 3.3.0, < 3.5)
      sprockets-es6 (>= 0.9.0)
    globalid (0.4.0)
      activesupport (>= 4.2.0)
    i18n (0.8.1)
    jbuilder (2.6.4)
      activesupport (>= 3.0.0)
      multi_json (>= 1.2)
    jquery-rails (4.3.1)
      rails-dom-testing (>= 1, < 3)
      railties (>= 4.2.0)
      thor (>= 0.14, < 2.0)
    libv8 (3.16.14.19)
    loofah (2.0.3)
      nokogiri (>= 1.5.9)
    mail (2.6.5)
      mime-types (>= 1.16, < 4)
    method_source (0.8.2)
    mime-types (3.1)
      mime-types-data (~> 3.2015)
    mime-types-data (3.2016.0521)
    mimemagic (0.3.2)
    mini_portile2 (2.1.0)
    minitest (5.10.2)
    multi_json (1.12.1)
    mustermann (1.0.0)
    mysql2 (0.3.18)
    net-scp (1.2.1)
      net-ssh (>= 2.6.5)
    net-ssh (4.1.0)
    newrelic_rpm (4.1.0.333)
    nio4r (2.0.0)
    nokogiri (1.7.2)
      mini_portile2 (~> 2.1.0)
    orm_adapter (0.5.0)
    paperclip (5.1.0)
      activemodel (>= 4.2.0)
      activesupport (>= 4.2.0)
      cocaine (~> 0.5.5)
      mime-types
      mimemagic (~> 0.3.0)
    puma (3.8.2)
    rack (2.0.3)
    rack-protection (2.0.0)
      rack
    rack-test (0.6.3)
      rack (>= 1.0)
    rails (5.0.2)
      actioncable (= 5.0.2)
      actionmailer (= 5.0.2)
      actionpack (= 5.0.2)
      actionview (= 5.0.2)
      activejob (= 5.0.2)
      activemodel (= 5.0.2)
      activerecord (= 5.0.2)
      activesupport (= 5.0.2)
      bundler (>= 1.3.0, < 2.0)
      railties (= 5.0.2)
      sprockets-rails (>= 2.0.0)
    rails-dom-testing (2.0.3)
      activesupport (>= 4.2.0)
      nokogiri (>= 1.6)
    rails-html-sanitizer (1.0.3)
      loofah (~> 2.0)
    railties (5.0.2)
      actionpack (= 5.0.2)
      activesupport (= 5.0.2)
      method_source
      rake (>= 0.8.7)
      thor (>= 0.18.1, < 2.0)
    rake (11.3.0)
    redis (3.3.3)
    redis-namespace (1.5.3)
      redis (~> 3.0, >= 3.0.4)
    ref (2.0.0)
    responders (2.4.0)
      actionpack (>= 4.2.0, < 5.3)
      railties (>= 4.2.0, < 5.3)
    rspec-core (3.0.4)
      rspec-support (~> 3.0.0)
    rspec-expectations (3.0.4)
      diff-lcs (>= 1.2.0, < 2.0)
      rspec-support (~> 3.0.0)
    rspec-mocks (3.0.4)
      rspec-support (~> 3.0.0)
    rspec-rails (3.0.2)
      actionpack (>= 3.0)
      activesupport (>= 3.0)
      railties (>= 3.0)
      rspec-core (~> 3.0.0)
      rspec-expectations (~> 3.0.0)
      rspec-mocks (~> 3.0.0)
      rspec-support (~> 3.0.0)
    rspec-support (3.0.4)
    ruby-ole (1.2.12.1)
    sass (3.4.24)
    sass-rails (5.0.6)
      railties (>= 4.0.0, < 6)
      sass (~> 3.1)
      sprockets (>= 2.8, < 4.0)
      sprockets-rails (>= 2.0, < 4.0)
      tilt (>= 1.1, < 3)
    sidekiq (5.0.0)
      concurrent-ruby (~> 1.0)
      connection_pool (~> 2.2, >= 2.2.0)
      rack-protection (>= 1.5.0)
      redis (~> 3.3, >= 3.3.3)
    simple-navigation (4.0.5)
      activesupport (>= 2.3.2)
    sinatra (2.0.0)
      mustermann (~> 1.0)
      rack (~> 2.0)
      rack-protection (= 2.0.0)
      tilt (~> 2.0)
    spreadsheet (1.1.4)
      ruby-ole (>= 1.0)
    spring (2.0.1)
      activesupport (>= 4.2)
    sprockets (3.7.1)
      concurrent-ruby (~> 1.0)
      rack (> 1, < 3)
    sprockets-es6 (0.9.2)
      babel-source (>= 5.8.11)
      babel-transpiler
      sprockets (>= 3.0.0)
    sprockets-rails (3.2.0)
      actionpack (>= 4.0)
      activesupport (>= 4.0)
      sprockets (>= 3.0.0)
    sqlite3 (1.3.13)
    sshkit (1.13.1)
      net-scp (>= 1.1.2)
      net-ssh (>= 2.8.0)
    therubyracer (0.12.3)
      libv8 (~> 3.16.14.15)
      ref
    thor (0.19.4)
    thread_safe (0.3.6)
    tilt (2.0.7)
    turbolinks (5.0.1)
      turbolinks-source (~> 5)
    turbolinks-source (5.0.3)
    tzinfo (1.2.3)
      thread_safe (~> 0.1)
    uglifier (3.2.0)
      execjs (>= 0.3.0, < 3)
    warden (1.2.7)
      rack (>= 1.0)
    websocket-driver (0.6.5)
      websocket-extensions (>= 0.1.0)
    websocket-extensions (0.1.2)
    will_paginate (3.1.5)
    zeroclipboard-rails (0.1.2)
      railties (>= 3.1)

PLATFORMS
  ruby

DEPENDENCIES
  annotate
  barby (~> 0.6.2)
  bootstrap-sass
  bootstrap-will_paginate (= 0.0.10)
  capistrano (~> 3.6)
  capistrano-bundler (~> 1.1)
  capistrano-puma
  capistrano-rails (~> 1.1)
  capistrano-rvm (~> 0.1)
  capistrano-sidekiq (~> 0.10.0)
  chinese_pinyin (~> 1.0)
  chunky_png (~> 1.3, >= 1.3.5)
  coffee-rails (~> 4.2, >= 4.2.1)
  daemons
  database_cleaner
  delayed_job_active_record
  devise
  exception_notification (~> 4.2, >= 4.2.1)
  factory_girl_rails (~> 4.8)
  fastercsv (~> 1.5.5)
  font-awesome-rails
  foundation-rails (~> 6.3, >= 6.3.1.0)
  jbuilder (~> 2.0)
  jquery-rails
  mail
  mysql2 (= 0.3.18)
  newrelic_rpm (~> 4.1, >= 4.1.0.333)
  paperclip (~> 5.1)
  puma (~> 3.8, >= 3.8.2)
  rails (= 5.0.2)
  rake (~> 11.3.0)
  redis-namespace (~> 1.5, >= 1.5.3)
  rspec-rails (~> 3.0.0)
  sass-rails (~> 5.0, >= 5.0.6)
  sidekiq (~> 5.0)
  simple-navigation
  sinatra
  spreadsheet
  spring
  sqlite3 (~> 1.3, >= 1.3.13)
  therubyracer
  turbolinks
  uglifier (>= 1.3.0)
  will_paginate (= 3.1.5)
  zeroclipboard-rails (~> 0.1.1)

RUBY VERSION
   ruby 2.3.1p112

BUNDLED WITH
   1.13.7
